GEM
  remote: https://rubygems.org/
  specs:
    backports (3.6.0)
    hashie (2.1.1)
    json (1.7.7)
    json_pure (1.8.1)
    kgio (2.9.2)
    multi_json (1.9.2)
    rack (1.5.2)
    rack-protection (1.5.3)
      rack
    rack-test (0.6.2)
      rack (>= 1.0)
    raindrops (0.13.0)
    sinatra (1.4.5)
      rack (~> 1.4)
      rack-protection (~> 1.4)
      tilt (~> 1.3, >= 1.3.4)
    sinatra-contrib (1.4.2)
      backports (>= 2.0)
      multi_json
      rack-protection
      rack-test
      sinatra (~> 1.4.0)
      tilt (~> 1.3)
    tilt (1.4.1)
    tropo-webapi-ruby (0.1.13)
      hashie (>= 0.2.0)
      json_pure (>= 1.2.0)
    unicorn (4.8.2)
      kgio (~> 2.6)
      rack
      raindrops (~> 0.7)

PLATFORMS
  ruby

DEPENDENCIES
  json
  sinatra
  sinatra-contrib
  tropo-webapi-ruby
  unicorn
